GEM
  remote: https://rubygems.org/
  specs:
    csv (3.1.7)
    tk (0.3.0)

PLATFORMS
  ruby

DEPENDENCIES
  csv
  tk

BUNDLED WITH
   1.17.3
